GEM
  remote: https://rubygems.org/
  specs:
    cinch (2.2.6)
    redis (3.2.1)

PLATFORMS
  ruby

DEPENDENCIES
  cinch
  redis
